GIT
  remote: git://github.com/sinatra/sinatra.git
  revision: b801c6b76b89eb071e2b01700273054bbe8aae05
  branch: master
  specs:
    rack-protection (2.0.3)
      rack
    sinatra (2.0.3)
      mustermann (~> 1.0)
      rack (~> 2.0)
      rack-protection (= 2.0.3)
      tilt (~> 2.0)

GEM
  remote: https://rubygems.org/
  specs:
    addressable (2.5.2)
      public_suffix (>= 2.0.2, < 4.0)
    archive-zip (0.11.0)
      io-like (~> 0.3.0)
    capybara (3.6.0)
      addressable
      mini_mime (>= 0.1.3)
      nokogiri (~> 1.8)
      rack (>= 1.6.0)
      rack-test (>= 0.6.3)
      xpath (~> 3.1)
    childprocess (0.9.0)
      ffi (~> 1.0, >= 1.0.11)
    chromedriver-helper (1.2.0)
      archive-zip (~> 0.10)
      nokogiri (~> 1.8)
    ffi (1.9.25)
    io-like (0.3.0)
    mini_mime (1.0.1)
    mini_portile2 (2.3.0)
    mustermann (1.0.3)
    nokogiri (1.8.4)
      mini_portile2 (~> 2.3.0)
    public_suffix (3.0.3)
    rack (2.0.5)
    rack-test (1.1.0)
      rack (>= 1.0, < 3)
    rubyzip (1.2.1)
    selenium-webdriver (3.14.0)
      childprocess (~> 0.5)
      rubyzip (~> 1.2)
    shotgun (0.9.2)
      rack (>= 1.0)
    sinatra-base (1.0)
      rack (>= 1.0)
    tilt (2.0.8)
    xpath (3.1.0)
      nokogiri (~> 1.8)

PLATFORMS
  ruby

DEPENDENCIES
  capybara
  chromedriver-helper
  rack
  selenium-webdriver
  shotgun
  sinatra!
  sinatra-base

BUNDLED WITH
   1.16.2
